GEM
  remote: https://rubygems.org/
  specs:
    awesome_print (1.9.2)
    diff-lcs (1.5.0)
    gli (2.21.0)
    redis (4.6.0)
    redis-namespace (1.8.2)
      redis (>= 3.0.4)
    rspec (3.11.0)
      rspec-core (~> 3.11.0)
      rspec-expectations (~> 3.11.0)
      rspec-mocks (~> 3.11.0)
    rspec-core (3.11.0)
      rspec-support (~> 3.11.0)
    rspec-expectations (3.11.0)
      diff-lcs (>= 1.2.0, < 2.0)
      rspec-support (~> 3.11.0)
    rspec-mocks (3.11.1)
      diff-lcs (>= 1.2.0, < 2.0)
      rspec-support (~> 3.11.0)
    rspec-support (3.11.0)

PLATFORMS
  ruby

DEPENDENCIES
  awesome_print
  gli
  redis
  redis-namespace
  rspec

BUNDLED WITH
   2.3.12
